GEM
  remote: http://rubygems.org/
  specs:
    actionmailer (2.3.12)
      actionpack (= 2.3.12)
    actionpack (2.3.12)
      activesupport (= 2.3.12)
      rack (~> 1.1.0)
    activeldap (1.2.4)
      activerecord (~> 2.3.11)
      fast_gettext (= 0.5.8)
      gettext_i18n_rails (= 0.2.2)
      locale (= 2.0.5)
    activerecord (2.3.12)
      activesupport (= 2.3.12)
    activeresource (2.3.12)
      activesupport (= 2.3.12)
    activesupport (2.3.12)
    fast_gettext (0.5.8)
    gettext_i18n_rails (0.2.2)
      fast_gettext
    json (1.7.6)
    locale (2.0.5)
    postgres-pr (0.6.3)
    rack (1.1.6)
    rails (2.3.12)
      actionmailer (= 2.3.12)
      actionpack (= 2.3.12)
      activerecord (= 2.3.12)
      activeresource (= 2.3.12)
      activesupport (= 2.3.12)
      rake (>= 0.8.3)
    rake (10.0.3)
    rdoc (3.12.1)
      json (~> 1.4)
    rdoc-data (3.12)
      rdoc (> 2.5, < 4.0)
    restful_authentication (1.1.6)
      rails (~> 2.3.4)
    rspec (1.3.2)
    rspec-rails (1.3.4)
      rack (>= 1.0.0)
      rspec (~> 1.3.1)
    web-app-theme (0.4.0)

PLATFORMS
  ruby

DEPENDENCIES
  activeldap (= 1.2.4)
  postgres-pr (= 0.6.3)
  rails (= 2.3.12)
  rdoc
  rdoc-data
  restful_authentication (~> 1.1.6)
  rspec (= 1.3.2)
  rspec-rails (= 1.3.4)
  web-app-theme (= 0.4.0)
